PATH
  remote: .
  specs:
    factor-connector-hipchat (0.0.1)
      factor-connector-api (~> 0.0.1)
      httparty (= 0.12.0)

GEM
  remote: https://rubygems.org/
  specs:
    factor-connector-api (0.0.1)
    httparty (0.12.0)
      json (~> 1.8)
      multi_xml (>= 0.5.2)
    json (1.8.1)
    multi_xml (0.5.5)

PLATFORMS
  ruby

DEPENDENCIES
  factor-connector-hipchat!
